GEM
  remote: https://rubygems.org/
  specs:
    coffee-script (2.3.0)
      coffee-script-source
      execjs
    coffee-script-source (1.8.0)
    execjs (2.2.2)
    hike (1.2.3)
    json (1.8.1)
    libv8 (3.16.14.7)
    multi_json (1.10.1)
    paint (0.8.7)
    rack (1.5.2)
    rake (10.3.2)
    ref (1.0.5)
    sprockets (2.12.3)
      hike (~> 1.2)
      multi_json (~> 1.0)
      rack (~> 1.0)
      tilt (~> 1.1, != 1.3.0)
    therubyracer (0.12.1)
      libv8 (~> 3.16.14.0)
      ref
    tilt (1.4.1)
    uglifier (2.5.3)
      execjs (>= 0.3.0)
      json (>= 1.8.0)

PLATFORMS
  ruby

DEPENDENCIES
  coffee-script
  json
  paint
  rake
  sprockets
  therubyracer
  uglifier
